PATH
  remote: .
  specs:
    good_luck_wizard (0.0.1)
      curses (~> 1.4.0)

GEM
  remote: https://rubygems.org/
  specs:
    binding_of_caller (0.8.0)
      debug_inspector (>= 0.0.1)
    coderay (1.1.3)
    curses (1.4.0)
    debug_inspector (1.0.0)
    method_source (1.0.0)
    minitest (5.14.2)
    pry (0.13.1)
      coderay (~> 1.1)
      method_source (~> 1.0)
    pry-stack_explorer (0.5.1)
      binding_of_caller (~> 0.7)
      pry (~> 0.13)
    rake (10.5.0)

PLATFORMS
  ruby

DEPENDENCIES
  bundler (~> 1.17)
  good_luck_wizard!
  minitest (~> 5.0)
  pry
  pry-stack_explorer
  rake (~> 10.0)

BUNDLED WITH
   1.17.2
