PATH
  remote: .
  specs:
    good_luck_wizard (0.1.0)
      curses (~> 1.4.0)

GEM
  remote: https://rubygems.org/
  specs:
    curses (1.4.0)
    minitest (5.14.2)
    rake (10.5.0)

PLATFORMS
  ruby

DEPENDENCIES
  bundler (~> 1.17)
  good_luck_wizard!
  minitest (~> 5.0)
  rake (~> 10.0)

BUNDLED WITH
   1.17.2
